GIT
  remote: git://github.com/roman/rots.git
  revision: babb5559aae8914556da528147b6649b9c48f48c
  specs:
    rots (0.2.1)

PATH
  remote: .
  specs:
    rack-openid (1.4.2)
      rack (>= 1.1.0)
      ruby-openid (>= 2.1.8)

GEM
  remote: https://rubygems.org/
  specs:
    bump (0.4.3)
    minitest (5.0.8)
    minitest-rg (5.0.0)
      minitest (~> 5.0)
    rack (1.5.2)
    rake (10.1.0)
    ruby-openid (2.7.0)

PLATFORMS
  ruby

DEPENDENCIES
  bump
  minitest
  minitest-rg
  rack-openid!
  rake
  rots!

BUNDLED WITH
   2.0.1
